GEM
  remote: https://rubygems.org/
  specs:
    bcrypt (3.1.20)
    benchmark-ips (2.14.0)
    benchmark-memory (0.2.0)
      memory_profiler (~> 1)
    memory_profiler (1.1.0)

PLATFORMS
  arm64-darwin-24
  ruby

DEPENDENCIES
  bcrypt
  benchmark-ips
  benchmark-memory

BUNDLED WITH
   2.6.2
